GEM
  remote: https://rubygems.org/
  specs:
    chipmunk (6.1.3.1)
    coderay (1.1.0)
    glu (8.2.0)
    gosu (0.7.50)
    method_source (0.8.2)
    opengl (0.9.0)
    pry (0.9.12.6)
      coderay (~> 1.0)
      method_source (~> 0.8)
      slop (~> 3.4)
    rmagick (2.13.2)
    slop (3.4.7)

PLATFORMS
  ruby

DEPENDENCIES
  chipmunk
  glu
  gosu
  opengl
  pry
  rmagick
